PATH
  remote: .
  specs:
    hermes (0.0.1)

GEM
  remote: https://rubygems.org/
  specs:
    coderay (1.1.3)
    ffi (1.15.3)
    method_source (1.0.0)
    pastel (0.8.0)
      tty-color (~> 0.5)
    pry (0.14.1)
      coderay (~> 1.1)
      method_source (~> 1.0)
    tty-color (0.6.0)

PLATFORMS
  x86_64-darwin-20

DEPENDENCIES
  ffi (~> 1.15)
  hermes!
  pastel (~> 0.8.0)
  pry (~> 0.14.1)

BUNDLED WITH
   2.2.15
