PATH
  remote: .
  specs:
    hermes (0.0.2)

GEM
  remote: https://rubygems.org/
  specs:
    coderay (1.1.3)
    method_source (1.0.0)
    pastel (0.8.0)
      tty-color (~> 0.5)
    pry (0.14.1)
      coderay (~> 1.1)
      method_source (~> 1.0)
    rake (13.0.6)
    rake-compiler (1.1.1)
      rake
    tty-color (0.6.0)

PLATFORMS
  x86_64-darwin-20

DEPENDENCIES
  hermes!
  pastel (~> 0.8.0)
  pry (~> 0.14.1)
  rake-compiler (~> 1.1)

BUNDLED WITH
   2.2.15
